GEM
  remote: https://rubygems.org/
  specs:
    fusuma (2.5.1)

PLATFORMS
  x86_64-linux

DEPENDENCIES
  fusuma

BUNDLED WITH
   2.3.26
